GEM
  remote: https://rubygems.org/
  specs:
    addressable (2.2.8)
    childprocess (0.3.2)
      ffi (~> 1.0.6)
    ffi (1.0.11)
    libwebsocket (0.1.3)
      addressable
    minitest (3.1.0)
    multi_json (1.3.6)
    parallel (0.5.17)
    parallel_tests (0.8.2)
      parallel
    rubyzip (0.9.9)
    selenium-webdriver (2.24.0)
      childprocess (>= 0.2.5)
      libwebsocket (~> 0.1.3)
      multi_json (~> 1.0)
      rubyzip

PLATFORMS
  ruby

DEPENDENCIES
  minitest (>= 3.0)
  parallel_tests
  selenium-webdriver
