GEM
  remote: https://rubygems.org/
  specs:
    addressable (2.2.8)
    childprocess (0.3.2)
      ffi (~> 1.0.6)
    ffi (1.0.11)
    libwebsocket (0.1.3)
      addressable
    minitest (1.6.0)
    multi_json (1.3.6)
    parallel (0.5.17)
    parallel_tests (0.8.2)
      parallel
    rubyzip (0.9.8)
    selenium-webdriver (2.22.2)
      childprocess (>= 0.2.5)
      ffi (~> 1.0)
      libwebsocket (~> 0.1.3)
      multi_json (~> 1.0)
      rubyzip
    test-unit (2.5.0)

PLATFORMS
  ruby

DEPENDENCIES
  minitest
  parallel_tests
  selenium-webdriver
  test-unit
